PATH
  remote: .
  specs:
    rack-proxy (0.5.7)
      rack

GEM
  remote: http://rubygems.org/
  specs:
    columnize (0.3.6)
    debugger (1.6.2)
      columnize (>= 0.3.1)
      debugger-linecache (~> 1.2.0)
      debugger-ruby_core_source (~> 1.2.3)
    debugger-linecache (1.2.0)
    debugger-ruby_core_source (1.2.3)
    rack (1.2.1)
    rack-test (0.5.6)
      rack (>= 1.0)
    rake (0.9.2.2)

PLATFORMS
  ruby

DEPENDENCIES
  debugger
  rack-proxy!
  rack-test
  rake
